GEM
  remote: http://rubygems.org/
  specs:
    faraday (0.8.7)
      multipart-post (~> 1.1)
    googl (0.6.3)
      httparty (~> 0.10.0)
      json (>= 1.4.6)
    google_plus (0.2.2)
      json
      rest-client (~> 1.6.1)
    httparty (0.10.2)
      multi_json (~> 1.0)
      multi_xml (>= 0.5.2)
    json (1.8.0)
    mime-types (1.23)
    multi_json (1.7.3)
    multi_xml (0.5.3)
    multipart-post (1.2.0)
    oj (2.0.13)
    rest-client (1.6.7)
      mime-types (>= 1.16)
    simple_oauth (0.2.0)
    twitter (4.6.2)
      faraday (~> 0.8, < 0.10)
      multi_json (~> 1.0)
      simple_oauth (~> 0.2)

PLATFORMS
  ruby

DEPENDENCIES
  googl
  google_plus
  oj
  twitter
